PATH
  remote: .
  specs:
    integration (0.1.2)
      rb-gsl (~> 1.2)
      text-table (~> 1.2)

GEM
  remote: https://www.rubygems.org/
  specs:
    diff-lcs (1.2.5)
    narray (0.6.0.9)
    rake (13.0.1)
    rb-gsl (1.16.0.2)
      narray (>= 0.5.9)
    rspec (3.0.0)
      rspec-core (~> 3.0.0)
      rspec-expectations (~> 3.0.0)
      rspec-mocks (~> 3.0.0)
    rspec-core (3.0.3)
      rspec-support (~> 3.0.0)
    rspec-expectations (3.0.3)
      diff-lcs (>= 1.2.0, < 2.0)
      rspec-support (~> 3.0.0)
    rspec-mocks (3.0.3)
      rspec-support (~> 3.0.0)
    rspec-support (3.0.3)
    text-table (1.2.3)

PLATFORMS
  ruby

DEPENDENCIES
  bundler (~> 1.3)
  integration!
  rake (~> 13)
  rb-gsl
  rspec (~> 3.0)
